GEM
  remote: https://rubygems.org/
  specs:
    addressable (2.3.2)
    columnize (0.3.6)
    crack (0.3.1)
    debugger (1.2.2)
      columnize (>= 0.3.1)
      debugger-linecache (~> 1.1.1)
      debugger-ruby_core_source (~> 1.1.5)
    debugger-linecache (1.1.2)
      debugger-ruby_core_source (>= 1.1.1)
    debugger-ruby_core_source (1.1.5)
    diff-lcs (1.1.3)
    ffi (1.2.0)
    hallon (0.18.1)
      ref (~> 1.0)
      spotify (~> 12.3.0)
    httparty (0.9.0)
      multi_json (~> 1.0)
      multi_xml
    libspotify (12.1.51.1)
    multi_json (1.4.0)
    multi_xml (0.5.1)
    nokogiri (1.5.5)
    ref (1.0.2)
    rspec (2.12.0)
      rspec-core (~> 2.12.0)
      rspec-expectations (~> 2.12.0)
      rspec-mocks (~> 2.12.0)
    rspec-core (2.12.0)
    rspec-expectations (2.12.0)
      diff-lcs (~> 1.1.3)
    rspec-mocks (2.12.0)
    spotify (12.3.0)
      ffi (~> 1.0, >= 1.0.11)
      libspotify (~> 12.1.51)
    vcr (2.3.0)
    webmock (1.9.0)
      addressable (>= 2.2.7)
      crack (>= 0.1.7)

PLATFORMS
  ruby

DEPENDENCIES
  debugger
  hallon
  httparty
  nokogiri
  rspec
  vcr
  webmock
